PATH
  remote: .
  specs:
    fast_camelize (0.1.0)

GEM
  remote: https://rubygems.org/
  specs:
    rake (10.5.0)
    rake-compiler (1.0.4)
      rake

PLATFORMS
  ruby

DEPENDENCIES
  bundler (~> 1.16)
  fast_camelize!
  rake (~> 10.0)
  rake-compiler (~> 1)

BUNDLED WITH
   1.16.2
